GEM
  remote: https://rubygems.org/
  specs:
    activesupport (7.0.1)
      concurrent-ruby (~> 1.0, >= 1.0.2)
      i18n (>= 1.6, < 2)
      minitest (>= 5.1)
      tzinfo (~> 2.0)
    addressable (2.8.0)
      public_suffix (>= 2.0.2, < 5.0)
    akami (1.3.1)
      gyoku (>= 0.4.0)
      nokogiri
    builder (3.2.4)
    chrono_logger (1.1.2)
    concurrent-ruby (1.1.9)
    connection_pool (2.2.5)
    crack (0.4.5)
      rexml
    deprecated (2.0.1)
    diff-lcs (1.5.0)
    digest (3.1.0)
    docile (1.4.0)
    domain_name (0.5.20190701)
      unf (>= 0.0.5, < 1.0.0)
    flexmock (1.3.3)
    gyoku (1.3.1)
      builder (>= 2.1.2)
    hashdiff (1.0.1)
    hpricot (0.8.6)
    http-cookie (1.0.4)
      domain_name (~> 0.5)
    httpi (2.5.0)
      rack
      socksify
    i18n (1.8.11)
      concurrent-ruby (~> 1.0)
    io-wait (0.2.1)
    json (2.6.1)
    mail (2.7.1)
      mini_mime (>= 0.1.1)
    mechanize (2.8.4)
      addressable (~> 2.8)
      domain_name (~> 0.5, >= 0.5.20190701)
      http-cookie (~> 1.0, >= 1.0.3)
      mime-types (~> 3.0)
      net-http-digest_auth (~> 1.4, >= 1.4.1)
      net-http-persistent (>= 2.5.2, < 5.0.dev)
      nokogiri (~> 1.11, >= 1.11.2)
      rubyntlm (~> 0.6, >= 0.6.3)
      webrick (~> 1.7)
      webrobots (~> 0.1.2)
    mime-types (3.4.1)
      mime-types-data (~> 3.2015)
    mime-types-data (3.2022.0105)
    mimemagic (0.4.3)
      nokogiri (~> 1)
      rake
    mini_mime (1.1.2)
    mini_portile2 (2.8.0)
    minitest (5.15.0)
    net-http-digest_auth (1.4.1)
    net-http-persistent (4.0.1)
      connection_pool (~> 2.2)
    net-imap (0.2.3)
      digest
      net-protocol
      strscan
    net-pop (0.1.1)
      digest
      net-protocol
      timeout
    net-protocol (0.1.2)
      io-wait
      timeout
    net-smtp (0.3.1)
      digest
      net-protocol
      timeout
    nokogiri (1.13.3)
      mini_portile2 (~> 2.8.0)
      racc (~> 1.4)
    nori (2.6.0)
    odba (1.1.8)
    pg (1.2.3)
    psych (3.3.2)
    public_suffix (4.0.6)
    racc (1.6.0)
    rack (2.2.3)
    rake (13.0.6)
    rclconf (1.0.0)
    rexml (3.2.5)
    rspec (3.10.0)
      rspec-core (~> 3.10.0)
      rspec-expectations (~> 3.10.0)
      rspec-mocks (~> 3.10.0)
    rspec-core (3.10.1)
      rspec-support (~> 3.10.0)
    rspec-expectations (3.10.2)
      diff-lcs (>= 1.2.0, < 2.0)
      rspec-support (~> 3.10.0)
    rspec-mocks (3.10.2)
      diff-lcs (>= 1.2.0, < 2.0)
      rspec-support (~> 3.10.0)
    rspec-support (3.10.3)
    ruby-ole (1.2.12.2)
    rubyntlm (0.6.3)
    savon (2.12.1)
      akami (~> 1.2)
      builder (>= 2.1.2)
      gyoku (~> 1.2)
      httpi (~> 2.3)
      nokogiri (>= 1.8.1)
      nori (~> 2.4)
      wasabi (~> 3.4)
    sbsm (1.6.0)
      chrono_logger
      hpricot
      mail
      mimemagic
      rack
    simplecov (0.21.2)
      docile (~> 1.1)
      simplecov-html (~> 0.11)
      simplecov_json_formatter (~> 0.1)
    simplecov-html (0.12.3)
    simplecov_json_formatter (0.1.3)
    socksify (1.7.1)
    spreadsheet (1.3.0)
      ruby-ole
    strscan (3.0.1)
    timeout (0.2.0)
    travis-lint (2.0.0)
      json
    tzinfo (2.0.4)
      concurrent-ruby (~> 1.0)
    unf (0.1.4)
      unf_ext
    unf_ext (0.0.8)
    wasabi (3.6.1)
      addressable
      httpi (~> 2.0)
      nokogiri (>= 1.4.2)
    webmock (3.14.0)
      addressable (>= 2.8.0)
      crack (>= 0.3.2)
      hashdiff (>= 0.4.0, < 2.0.0)
    webrick (1.7.0)
    webrobots (0.1.2)
    ydbd-pg (0.5.8)
      pg
      ydbi (= 0.5.8)
    ydbi (0.5.8)
      deprecated (= 2.0.1)

PLATFORMS
  ruby

DEPENDENCIES
  activesupport
  deprecated (< 3.0.0)
  flexmock (< 2.0.0)
  json (< 3.0.0)
  mail
  mechanize
  net-imap
  net-pop
  net-smtp
  odba (>= 1.1.6)
  pg (>= 1.0.0)
  psych (< 4.0.0)
  rack (< 3.0.0)
  rake
  rclconf
  rspec
  rspec-mocks
  savon
  sbsm (>= 1.5.8)
  simplecov
  spreadsheet
  travis-lint
  webmock
  webrick
  ydbd-pg
  ydbi

BUNDLED WITH
   2.3.4
